GEM
  remote: https://rubygems.org/
  specs:
    ansi (1.5.0)
    ast (2.4.2)
    byebug (11.1.3)
    cupsffi (0.1.9)
      ffi
    ffi (1.15.5)
    multi_json (1.15.0)
    mustermann (3.0.0)
      ruby2_keywords (~> 0.0.1)
    nio4r (2.5.8)
    oga (3.4)
      ast
      ruby-ll (~> 2.1)
    pdf-core (0.9.0)
    prawn (2.4.0)
      pdf-core (~> 0.9.0)
      ttfunk (~> 1.7)
    prawn-html (0.7.1)
      oga (~> 3.3)
      prawn (~> 2.4)
    puma (5.6.5)
      nio4r (~> 2.0)
    rack (2.2.4)
    rack-protection (3.0.2)
      rack
    ruby-ll (2.1.2)
      ansi
      ast
    ruby2_keywords (0.0.5)
    sinatra (3.0.2)
      mustermann (~> 3.0)
      rack (~> 2.2, >= 2.2.4)
      rack-protection (= 3.0.2)
      tilt (~> 2.0)
    sinatra-contrib (3.0.2)
      multi_json
      mustermann (~> 3.0)
      rack-protection (= 3.0.2)
      sinatra (= 3.0.2)
      tilt (~> 2.0)
    tilt (2.0.11)
    ttfunk (1.7.0)

PLATFORMS
  x86_64-darwin-18

DEPENDENCIES
  byebug
  cupsffi
  prawn
  prawn-html (~> 0.7.1)
  puma
  sinatra
  sinatra-contrib (~> 3.0)

BUNDLED WITH
   2.2.29
